PATH
  remote: .
  specs:
    km-db (0.2.3)
      activerecord (>= 2.3.12, < 6.1.0)
      andand
      parallel
      progressbar
      yajl-ruby

GEM
  remote: https://rubygems.org/
  specs:
    activemodel (6.0.3.2)
      activesupport (= 6.0.3.2)
    activerecord (6.0.3.2)
      activemodel (= 6.0.3.2)
      activesupport (= 6.0.3.2)
    activesupport (6.0.3.2)
      concurrent-ruby (~> 1.0, >= 1.0.2)
      i18n (>= 0.7, < 2)
      minitest (~> 5.1)
      tzinfo (~> 1.1)
      zeitwerk (~> 2.2, >= 2.2.2)
    andand (1.3.3)
    concurrent-ruby (1.1.7)
    diff-lcs (1.1.3)
    i18n (1.8.5)
      concurrent-ruby (~> 1.0)
    json (1.8.0)
    minitest (5.14.2)
    oj (2.1.4)
    parallel (1.19.2)
    progressbar (0.21.0)
    rake (10.1.0)
    rspec (2.4.0)
      rspec-core (~> 2.4.0)
      rspec-expectations (~> 2.4.0)
      rspec-mocks (~> 2.4.0)
    rspec-core (2.4.0)
    rspec-expectations (2.4.0)
      diff-lcs (~> 1.1.2)
    rspec-mocks (2.4.0)
    sqlite3 (1.3.8)
    sqlite3-ruby (1.3.3)
      sqlite3 (>= 1.3.3)
    thread_safe (0.3.6)
    tzinfo (1.2.7)
      thread_safe (~> 0.1)
    yajl-ruby (1.4.1)
    zeitwerk (2.4.0)

PLATFORMS
  ruby

DEPENDENCIES
  bundler (>= 1.0.0)
  json
  km-db!
  oj
  progressbar
  rake
  rspec (~> 2.4.0)
  sqlite3-ruby
