GIT
  remote: git@github.com:HouseTrip/progressbar.git
  revision: 20c990237eb47f762d7c294d3e05ac562e8423dd
  specs:
    progressbar (0.9.2)

PATH
  remote: .
  specs:
    km-db (0.1)
      activerecord (~> 2.3.12)
      andand
      json
      parallel
      progressbar

GEM
  remote: http://rubygems.org/
  specs:
    activerecord (2.3.12)
      activesupport (= 2.3.12)
    activesupport (2.3.12)
    andand (1.3.1)
    diff-lcs (1.1.3)
    json (1.6.5)
    parallel (0.5.12)
    progressbar (0.9.2)
    rake (0.9.2.2)
    rspec (2.4.0)
      rspec-core (~> 2.4.0)
      rspec-expectations (~> 2.4.0)
      rspec-mocks (~> 2.4.0)
    rspec-core (2.4.0)
    rspec-expectations (2.4.0)
      diff-lcs (~> 1.1.2)
    rspec-mocks (2.4.0)
    sqlite3 (1.3.5)
    sqlite3-ruby (1.3.3)
      sqlite3 (>= 1.3.3)

PLATFORMS
  ruby

DEPENDENCIES
  bundler (>= 1.0.0)
  json
  km-db!
  progressbar!
  rake
  rspec (~> 2.4.0)
  sqlite3-ruby
