PATH
  remote: .
  specs:
    km-db (0.2.1)
      activerecord (~> 2.3.12)
      andand
      parallel
      progressbar
      yajl-ruby

GEM
  remote: https://rubygems.org/
  specs:
    activerecord (2.3.18)
      activesupport (= 2.3.18)
    activesupport (2.3.18)
    andand (1.3.3)
    coderay (1.0.9)
    diff-lcs (1.1.3)
    json (1.7.7)
    method_source (0.8.1)
    parallel (0.6.4)
    progressbar (0.20.0)
    pry (0.9.12)
      coderay (~> 1.0.5)
      method_source (~> 0.8)
      slop (~> 3.4)
    rake (10.0.4)
    rspec (2.4.0)
      rspec-core (~> 2.4.0)
      rspec-expectations (~> 2.4.0)
      rspec-mocks (~> 2.4.0)
    rspec-core (2.4.0)
    rspec-expectations (2.4.0)
      diff-lcs (~> 1.1.2)
    rspec-mocks (2.4.0)
    slop (3.4.4)
    sqlite3 (1.3.7)
    sqlite3-ruby (1.3.3)
      sqlite3 (>= 1.3.3)
    yajl-ruby (1.1.0)

PLATFORMS
  ruby

DEPENDENCIES
  bundler (>= 1.0.0)
  json
  km-db!
  pry
  rake
  rspec (~> 2.4.0)
  sqlite3-ruby
