PATH
  remote: .
  specs:
    km-db (0.1)
      activerecord (~> 2.3.12)
      andand
      json

GEM
  remote: http://rubygems.org/
  specs:
    activerecord (2.3.12)
      activesupport (= 2.3.12)
    activesupport (2.3.12)
    andand (1.3.1)
    diff-lcs (1.1.3)
    json (1.6.5)
    rake (0.9.2.2)
    rspec (2.4.0)
      rspec-core (~> 2.4.0)
      rspec-expectations (~> 2.4.0)
      rspec-mocks (~> 2.4.0)
    rspec-core (2.4.0)
    rspec-expectations (2.4.0)
      diff-lcs (~> 1.1.2)
    rspec-mocks (2.4.0)

PLATFORMS
  ruby

DEPENDENCIES
  bundler (>= 1.0.0)
  json
  km-db!
  rake
  rspec (~> 2.4.0)
