PATH
  remote: .
  specs:
    km-db (0.2.3)
      activerecord (~> 2.3.12)
      andand
      parallel
      progressbar
      yajl-ruby

GEM
  remote: https://rubygems.org/
  specs:
    activerecord (2.3.18)
      activesupport (= 2.3.18)
    activesupport (2.3.18)
    andand (1.3.3)
    diff-lcs (1.1.3)
    json (1.8.0)
    oj (2.1.4)
    parallel (0.8.4)
    progressbar (0.21.0)
    rake (13.0.1)
    rspec (2.4.0)
      rspec-core (~> 2.4.0)
      rspec-expectations (~> 2.4.0)
      rspec-mocks (~> 2.4.0)
    rspec-core (2.4.0)
    rspec-expectations (2.4.0)
      diff-lcs (~> 1.1.2)
    rspec-mocks (2.4.0)
    sqlite3 (1.3.8)
    sqlite3-ruby (1.3.3)
      sqlite3 (>= 1.3.3)
    yajl-ruby (1.1.0)

PLATFORMS
  ruby

DEPENDENCIES
  bundler (>= 1.0.0)
  json
  km-db!
  oj
  progressbar
  rake
  rspec (~> 2.4.0)
  sqlite3-ruby
